GIT
  remote: git://github.com/did/bushido_stub.git
  revision: 87f64541b4444dd3ff9fd1c1c44ac20c549ce2c6
  specs:
    bushido_stub (0.0.1)
      activesupport (>= 3.0.7)

GIT
  remote: git://github.com/floehopper/mocha.git
  revision: d03843e763f4e5ceadb66bcb4c530d6c5d0cb293
  specs:
    mocha (0.9.12.20110213002255)

GIT
  remote: https://github.com/wunderbread/xpath.git
  revision: d04da707886287e7dfe82705fda5b3d4f65e94c3
  specs:
    xpath (0.1.2)
      nokogiri (~> 1.4)

GEM
  remote: http://rubygems.org/
  specs:
    RedCloth (4.2.7)
    SystemTimer (1.2.3)
    ZenTest (4.5.0)
    actionmailer (3.1.0.rc4)
      actionpack (= 3.1.0.rc4)
      mail (~> 2.3.0)
    actionmailer-with-request (0.3.0)
      rails (>= 3)
    actionpack (3.1.0.rc4)
      activemodel (= 3.1.0.rc4)
      activesupport (= 3.1.0.rc4)
      builder (~> 3.0.0)
      erubis (~> 2.7.0)
      i18n (~> 0.6)
      rack (~> 1.3.0)
      rack-cache (~> 1.0.1)
      rack-mount (~> 0.8.1)
      rack-test (~> 0.6.0)
      sprockets (~> 2.0.0.beta.10)
      tzinfo (~> 0.3.27)
    activemodel (3.1.0.rc4)
      activesupport (= 3.1.0.rc4)
      bcrypt-ruby (~> 2.1.4)
      builder (~> 3.0.0)
      i18n (~> 0.6)
    activerecord (3.1.0.rc4)
      activemodel (= 3.1.0.rc4)
      activesupport (= 3.1.0.rc4)
      arel (~> 2.1.1)
      tzinfo (~> 0.3.27)
    activeresource (3.1.0.rc4)
      activemodel (= 3.1.0.rc4)
      activesupport (= 3.1.0.rc4)
    activesupport (3.1.0.rc4)
      multi_json (~> 1.0)
    ansi (1.2.5)
    archive-tar-minitar (0.5.2)
    arel (2.1.1)
    autotest (4.4.6)
      ZenTest (>= 4.4.1)
    bcrypt-ruby (2.1.4)
    bson (1.3.1)
    bson_ext (1.3.1)
    builder (3.0.0)
    bushido (0.0.25)
      highline (>= 1.6.1)
      json (>= 1.4.6)
      rest-client (>= 1.6.1)
    capybara (0.4.0)
      celerity (>= 0.7.9)
      culerity (>= 0.2.4)
      mime-types (>= 1.16)
      nokogiri (>= 1.3.3)
      rack (>= 1.0.0)
      rack-test (>= 0.5.4)
      selenium-webdriver (>= 0.0.27)
      xpath (~> 0.1.2)
    celerity (0.8.9)
    childprocess (0.1.9)
      ffi (~> 1.0.6)
    coffee-script (2.2.0)
      coffee-script-source
      execjs
    coffee-script-source (1.1.1)
    columnize (0.3.3)
    configuration (1.2.0)
    crack (0.1.8)
    cucumber (0.10.3)
      builder (>= 2.1.2)
      diff-lcs (>= 1.1.2)
      gherkin (>= 2.3.8)
      json (>= 1.4.6)
      term-ansicolor (>= 1.0.5)
    cucumber-rails (0.3.2)
      cucumber (>= 0.8.0)
    culerity (0.2.15)
    custom_fields (1.0.0.beta.15)
      activesupport (>= 3.0.7)
      locomotive_carrierwave
      mongoid (= 2.0.2)
    daemons (1.1.3)
    database_cleaner (0.6.7)
    delayed_job (2.1.4)
      activesupport (~> 3.0)
      daemons
    delayed_job_mongoid (1.0.2)
      delayed_job (~> 2.1.1)
      mongoid (~> 2.0.0.rc)
    devise (1.1.3)
      bcrypt-ruby (~> 2.1.2)
      warden (~> 0.10.7)
    diff-lcs (1.1.2)
    erubis (2.7.0)
    excon (0.6.3)
    execjs (1.1.3)
      multi_json (~> 1.0)
    factory_girl (1.3.3)
    factory_girl_rails (1.0.1)
      factory_girl (~> 1.3)
      railties (>= 3.0.0)
    ffi (1.0.9)
    fog (0.3.7)
      builder
      excon (>= 0.2.3)
      formatador (>= 0.0.15)
      json
      mime-types
      net-ssh (~> 2.0.23)
      nokogiri (~> 1.4.3.1)
      ruby-hmac
    formatador (0.1.4)
    formtastic (2.0.0.rc2)
      rails (~> 3.0)
    gherkin (2.4.0)
      json (>= 1.4.6)
    growl-glue (1.0.7)
    haml (3.1.2)
    has_scope (0.5.0)
    heroku (1.19.1)
      activesupport (>= 2.1.0)
      launchy (~> 0.3.2)
      rest-client (>= 1.4.0, < 1.7.0)
    highline (1.6.2)
    hike (1.1.0)
    httparty (0.7.8)
      crack (= 0.1.8)
    i18n (0.6.0)
    inherited_resources (1.1.2)
      has_scope (~> 0.5.0)
      responders (~> 0.6.0)
    jquery-rails (1.0.11)
      railties (~> 3.0)
      thor (~> 0.14)
    json (1.5.2)
    json_pure (1.5.2)
    kgio (2.4.2)
    launchy (0.3.7)
      configuration (>= 0.0.5)
      rake (>= 0.8.1)
    linecache (0.45)
    linecache19 (0.5.12)
      ruby_core_source (>= 0.1.4)
    locomotive_carrierwave (0.5.0.1.beta3)
      activesupport (~> 3.0)
    locomotive_liquid (2.2.2)
    locomotive_mongoid_acts_as_tree (0.1.5.7)
      mongoid (= 2.0.2)
    mail (2.3.0)
      i18n (>= 0.4.0)
      mime-types (~> 1.16)
      treetop (~> 1.4.8)
    mime-types (1.16)
    mimetype-fu (0.1.2)
    mongo (1.3.1)
      bson (>= 1.3.1)
    mongoid (2.0.2)
      activemodel (~> 3.0)
      mongo (~> 1.3)
      tzinfo (~> 0.3.22)
    multi_json (1.0.3)
    net-ssh (2.0.24)
    nokogiri (1.4.3.1)
    pickle (0.4.7)
      cucumber (>= 0.8)
      rake
    polyglot (0.3.1)
    rack (1.3.0)
    rack-cache (1.0.2)
      rack (>= 0.4)
    rack-mount (0.8.1)
      rack (>= 1.0.0)
    rack-ssl (1.3.2)
      rack
    rack-test (0.6.0)
      rack (>= 1.0)
    rails (3.1.0.rc4)
      actionmailer (= 3.1.0.rc4)
      actionpack (= 3.1.0.rc4)
      activerecord (= 3.1.0.rc4)
      activeresource (= 3.1.0.rc4)
      activesupport (= 3.1.0.rc4)
      bundler (~> 1.0)
      railties (= 3.1.0.rc4)
    railties (3.1.0.rc4)
      actionpack (= 3.1.0.rc4)
      activesupport (= 3.1.0.rc4)
      rack-ssl (~> 1.3.2)
      rake (>= 0.8.7)
      rdoc (~> 3.4)
      thor (~> 0.14.6)
    rake (0.8.7)
    rdoc (3.6.1)
    responders (0.6.4)
    rest-client (1.6.3)
      mime-types (>= 1.16)
    rmagick (2.12.2)
    rspec (2.3.0)
      rspec-core (~> 2.3.0)
      rspec-expectations (~> 2.3.0)
      rspec-mocks (~> 2.3.0)
    rspec-core (2.3.1)
    rspec-expectations (2.3.0)
      diff-lcs (~> 1.1.2)
    rspec-mocks (2.3.0)
    rspec-rails (2.3.1)
      actionpack (~> 3.0)
      activesupport (~> 3.0)
      railties (~> 3.0)
      rspec (~> 2.3.0)
    ruby-debug (0.10.4)
      columnize (>= 0.1)
      ruby-debug-base (~> 0.10.4.0)
    ruby-debug-base (0.10.4)
      linecache (>= 0.3)
    ruby-debug-base19 (0.11.25)
      columnize (>= 0.3.1)
      linecache19 (>= 0.5.11)
      ruby_core_source (>= 0.1.4)
    ruby-debug19 (0.11.6)
      columnize (>= 0.3.1)
      linecache19 (>= 0.5.11)
      ruby-debug-base19 (>= 0.11.19)
    ruby-hmac (0.4.0)
    ruby_core_source (0.1.5)
      archive-tar-minitar (>= 0.5.2)
    rubyzip (0.9.4)
    sass (3.1.2)
    selenium-webdriver (0.2.1)
      childprocess (>= 0.1.7)
      ffi (>= 1.0.7)
      json_pure
      rubyzip
    spork (0.8.5)
    sprockets (2.0.0.beta.10)
      hike (~> 1.0)
      rack (~> 1.0)
      tilt (~> 1.1, != 1.3.0)
    term-ansicolor (1.0.5)
    thor (0.14.6)
    tilt (1.3.2)
    treetop (1.4.9)
      polyglot (>= 0.3.1)
    turn (0.8.2)
      ansi (>= 1.2.2)
    tzinfo (0.3.28)
    uglifier (0.5.4)
      execjs (>= 0.3.0)
      multi_json (>= 1.0.2)
    unicorn (3.7.0)
      kgio (~> 2.3)
      rack
    warden (0.10.7)
      rack (>= 1.0.0)
    will_paginate (2.3.15)

PLATFORMS
  ruby

DEPENDENCIES
  RedCloth (= 4.2.7)
  SystemTimer
  ZenTest
  actionmailer-with-request
  autotest
  bson_ext (~> 1.3.0)
  bushido
  bushido_stub!
  capybara
  coffee-script
  cucumber (= 0.10.3)
  cucumber-rails
  custom_fields (= 1.0.0.beta.15)
  database_cleaner
  delayed_job (= 2.1.4)
  delayed_job_mongoid (= 1.0.2)
  devise (= 1.1.3)
  factory_girl_rails
  fog (= 0.3.7)
  formtastic (~> 2.0.0.rc2)
  growl-glue
  haml (= 3.1.2)
  heroku (= 1.19.1)
  httparty (>= 0.6.1)
  inherited_resources (~> 1.1.2)
  jquery-rails (~> 1.0.11)
  launchy
  locomotive_carrierwave (= 0.5.0.1.beta3)
  locomotive_liquid (= 2.2.2)
  locomotive_mongoid_acts_as_tree (= 0.1.5.7)
  mimetype-fu
  mocha!
  mongoid (~> 2.0.2)
  pickle
  rails (>= 3.1.0.rc3)
  rake (= 0.8.7)
  rmagick (= 2.12.2)
  rspec-rails (= 2.3.1)
  ruby-debug
  ruby-debug19
  rubyzip
  sass
  spork
  turn
  uglifier
  unicorn
  warden
  will_paginate (~> 2.3.15)
  xpath!
